GEM
  remote: http://rubygems.org/
  specs:
    RedCloth (4.2.3)
    aaronh-chronic (0.3.9)
    actionmailer (2.3.11)
      actionpack (= 2.3.11)
    actionpack (2.3.11)
      activesupport (= 2.3.11)
      rack (~> 1.1.0)
    activemerchant (1.9.0)
      activesupport (>= 2.3.2)
      braintree (>= 2.0.0)
      builder (>= 2.0.0)
    activerecord (2.3.11)
      activesupport (= 2.3.11)
    activeresource (2.3.11)
      activesupport (= 2.3.11)
    activesupport (2.3.11)
    autotest (4.4.5)
    aws-s3 (0.6.2)
      builder
      mime-types
      xml-simple
    braintree (2.6.2)
      builder
    builder (2.1.2)
    calendar_date_select (1.16.1)
    capistrano (2.5.19)
      highline
      net-scp (>= 1.0.0)
      net-sftp (>= 2.0.0)
      net-ssh (>= 2.0.14)
      net-ssh-gateway (>= 1.0.0)
    capistrano-ext (1.2.1)
      capistrano (>= 1.0.0)
    capybara (0.3.9)
      culerity (>= 0.2.4)
      mime-types (>= 1.16)
      nokogiri (>= 1.3.3)
      rack (>= 1.0.0)
      rack-test (>= 0.5.4)
      selenium-webdriver (>= 0.0.3)
    cgi_multipart_eof_fix (2.5.0)
    childprocess (0.1.4)
      ffi (~> 0.6.3)
    chronic (0.3.0)
    color (1.4.1)
    color-tools (1.3.0)
    columnize (0.3.2)
    configuration (1.2.0)
    cucumber (0.9.4)
      builder (~> 2.1.2)
      diff-lcs (~> 1.1.2)
      gherkin (~> 2.2.9)
      json (~> 1.4.6)
      term-ansicolor (~> 1.0.5)
    cucumber-rails (0.3.2)
      cucumber (>= 0.8.0)
    culerity (0.2.12)
    daemons (1.0.10)
    database_cleaner (0.6.0)
    diff-lcs (1.1.2)
    email_spec (0.6.4)
    factory_girl (1.3.2)
    faker (0.3.1)
    fakeweb (1.3.0)
    fastercsv (1.5.4)
    fastthread (1.0.7)
    feed-normalizer (1.5.2)
      hpricot (>= 0.6)
      simple-rss (>= 1.1)
    ffi (0.6.3)
      rake (>= 0.8.7)
    flickr (1.0.2)
      xml-simple (>= 1.0.7)
    gem_plugin (0.2.3)
    gherkin (2.2.9)
      json (~> 1.4.6)
      term-ansicolor (~> 1.0.5)
    highline (1.6.1)
    hoe (2.7.0)
      rake (>= 0.8.7)
      rubyforge (>= 2.0.4)
    hpricot (0.8.3)
    json (1.4.6)
    json_pure (1.4.6)
    launchy (0.4.0)
      configuration (>= 0.0.5)
      rake (>= 0.8.1)
    linecache (0.43)
    mail (2.2.1)
      activesupport (>= 2.3.4)
      mime-types
      treetop (>= 1.4.5)
    mime-types (1.16)
    mongrel (1.1.5)
      cgi_multipart_eof_fix (>= 2.4)
      daemons (>= 1.0.3)
      fastthread (>= 1.0.1)
      gem_plugin (>= 0.2.3)
    mongrel_cluster (1.0.5)
      gem_plugin (>= 0.2.3)
      mongrel (>= 1.0.2)
    mysql (2.8.1)
    net-scp (1.0.4)
      net-ssh (>= 1.99.1)
    net-sftp (2.0.5)
      net-ssh (>= 2.0.9)
    net-ssh (2.0.23)
    net-ssh-gateway (1.0.1)
      net-ssh (>= 1.99.1)
    nokogiri (1.4.4)
    packet (0.1.15)
    paperclip (2.3.5)
      activerecord
      activesupport
    pdf-writer (1.1.8)
      color (>= 1.4.0)
      transaction-simple (~> 1.3)
    pickle (0.4.7)
      cucumber (>= 0.8)
      rake
    polyglot (0.3.1)
    pony (1.1)
      mail (> 2.0)
    rack (1.1.2)
    rack-test (0.5.6)
      rack (>= 1.0)
    rails (2.3.11)
      actionmailer (= 2.3.11)
      actionpack (= 2.3.11)
      activerecord (= 2.3.11)
      activeresource (= 2.3.11)
      activesupport (= 2.3.11)
      rake (>= 0.8.3)
    rake (0.8.7)
    redgreen (1.2.2)
    rmagick (2.12.2)
    rspec (1.3.1)
    rspec-rails (1.3.3)
      rack (>= 1.0.0)
      rspec (= 1.3.1)
    rspec_hpricot_matchers (1.0)
    ruby-debug (0.10.4)
      columnize (>= 0.1)
      ruby-debug-base (~> 0.10.4.0)
    ruby-debug-base (0.10.4)
      linecache (>= 0.3)
    ruby-recaptcha (1.0.2)
    rubyforge (2.0.4)
      json_pure (>= 1.1.7)
    rubyzip (0.9.4)
    searchlogic (2.4.27)
      activerecord (>= 2.0.0)
    selenium-webdriver (0.1.0)
      childprocess (= 0.1.4)
      ffi (~> 0.6.3)
      json_pure
      rubyzip
    shoulda (2.11.3)
    simple-rss (1.2.3)
    term-ansicolor (1.0.5)
    transaction-simple (1.4.0)
      hoe (>= 1.1.7)
    treetop (1.4.9)
      polyglot (>= 0.3.1)
    whenever (0.6.2)
      aaronh-chronic (>= 0.3.9)
      activesupport (>= 2.3.4)
    will_paginate (2.3.15)
    xml-simple (1.0.12)
    youtube-g (0.5.0)

PLATFORMS
  ruby

DEPENDENCIES
  RedCloth
  activemerchant
  autotest
  aws-s3
  calendar_date_select
  capistrano
  capistrano-ext
  capybara (< 0.4)
  chronic
  color-tools
  cucumber (>= 0.9.4)
  cucumber-rails (>= 0.3.2)
  daemons (= 1.0.10)
  database_cleaner (>= 0.5.2)
  email_spec (< 1.0)
  factory_girl
  faker
  fakeweb
  fastercsv
  feed-normalizer
  flickr
  hpricot
  launchy
  mail
  mongrel
  mongrel_cluster
  mysql
  nokogiri
  packet
  paperclip
  pdf-writer
  pickle
  pony
  rack
  rails (= 2.3.11)
  redgreen
  rmagick (= 2.12.2)
  rspec (< 2.0)
  rspec-rails (< 2.0)
  rspec_hpricot_matchers
  ruby-debug
  ruby-recaptcha
  searchlogic
  shoulda
  simple-rss
  transaction-simple
  whenever (>= 0.3.0)
  will_paginate
  xml-simple
  youtube-g
