GEM
  remote: http://rubygems.org/
  specs:
    RedCloth (4.2.3)
    XMLCanonicalizer (1.0.1)
      log4r (>= 1.0.4)
    actionmailer (2.3.11)
      actionpack (= 2.3.11)
    actionpack (2.3.11)
      activesupport (= 2.3.11)
      rack (~> 1.1.0)
    activemerchant (1.9.0)
      activesupport (>= 2.3.2)
      braintree (>= 2.0.0)
      builder (>= 2.0.0)
    activerecord (2.3.11)
      activesupport (= 2.3.11)
    activeresource (2.3.11)
      activesupport (= 2.3.11)
    activesupport (2.3.11)
    addressable (2.2.6)
    after_commit (1.0.10)
      activerecord (>= 1.15.6, < 3.0.0)
    awesome_nested_set (1.4.4)
      activerecord (>= 1.1)
    aws-s3 (0.6.2)
      builder
      mime-types
      xml-simple
    braintree (2.6.2)
      builder
    builder (2.1.2)
    calendar_date_select (1.16.1)
    capistrano (2.5.19)
      highline
      net-scp (>= 1.0.0)
      net-sftp (>= 2.0.0)
      net-ssh (>= 2.0.14)
      net-ssh-gateway (>= 1.0.0)
    capistrano-ext (1.2.1)
      capistrano (>= 1.0.0)
    capybara (0.3.9)
      culerity (>= 0.2.4)
      mime-types (>= 1.16)
      nokogiri (>= 1.3.3)
      rack (>= 1.0.0)
      rack-test (>= 0.5.4)
      selenium-webdriver (>= 0.0.3)
    childprocess (0.1.4)
      ffi (~> 0.6.3)
    chronic (0.6.4)
    color (1.4.1)
    color-tools (1.3.0)
    columnize (0.3.2)
    completeness-fu (0.5.2)
      activerecord (>= 2.3.3)
    configuration (1.2.0)
    cucumber (0.9.4)
      builder (~> 2.1.2)
      diff-lcs (~> 1.1.2)
      gherkin (~> 2.2.9)
      json (~> 1.4.6)
      term-ansicolor (~> 1.0.5)
    cucumber-rails (0.3.2)
      cucumber (>= 0.8.0)
    culerity (0.2.12)
    daemons (1.0.10)
    database_cleaner (0.6.7)
    diff-lcs (1.1.2)
    email_spec (0.6.6)
      rspec
    factory_girl (1.3.2)
    faker (0.3.1)
    fakeweb (1.3.0)
    faraday (0.7.4)
      addressable (~> 2.2.6)
      multipart-post (~> 1.1.0)
      rack (>= 1.1.0, < 2)
    fastercsv (1.5.4)
    feed-normalizer (1.5.2)
      hpricot (>= 0.6)
      simple-rss (>= 1.1)
    ffi (0.6.3)
      rake (>= 0.8.7)
    flickraw (0.8.4)
      json (>= 1.1.1)
    formtastic (1.2.4)
      actionpack (>= 2.3.7)
      activesupport (>= 2.3.7)
      i18n (~> 0.4)
    gherkin (2.2.9)
      json (~> 1.4.6)
      term-ansicolor (~> 1.0.5)
    guard (0.8.4)
      thor (~> 0.14.6)
    guard-rspec (0.4.5)
      guard (>= 0.4.0)
    highline (1.6.1)
    hoe (2.7.0)
      rake (>= 0.8.7)
      rubyforge (>= 2.0.4)
    hpricot (0.8.3)
    i18n (0.6.0)
    json (1.4.6)
    json_pure (1.4.6)
    launchy (0.4.0)
      configuration (>= 0.0.5)
      rake (>= 0.8.1)
    linecache (0.43)
    log4r (1.1.9)
    macaddr (1.4.0)
      systemu (~> 2.2.0)
    mail (2.2.1)
      activesupport (>= 2.3.4)
      mime-types
      treetop (>= 1.4.5)
    mime-types (1.16)
    multi_json (1.0.3)
    multi_xml (0.4.1)
    multipart-post (1.1.3)
    mysql (2.8.1)
    net-ldap (0.2.2)
    net-scp (1.0.4)
      net-ssh (>= 1.99.1)
    net-sftp (2.0.5)
      net-ssh (>= 2.0.9)
    net-ssh (2.0.23)
    net-ssh-gateway (1.0.1)
      net-ssh (>= 1.99.1)
    nokogiri (1.5.0)
    oa-basic (0.3.0)
      oa-core (= 0.3.0)
      rest-client (~> 1.6.0)
    oa-core (0.3.0)
    oa-enterprise (0.3.0)
      XMLCanonicalizer (~> 1.0.1)
      addressable (~> 2.2.6)
      net-ldap (~> 0.2.2)
      nokogiri (~> 1.5.0)
      oa-core (= 0.3.0)
      pyu-ruby-sasl (~> 0.0.3.1)
      rubyntlm (~> 0.1.1)
      uuid
    oa-more (0.3.0)
      multi_json (~> 1.0.0)
      oa-core (= 0.3.0)
      rest-client (~> 1.6.0)
    oa-oauth (0.3.0)
      faraday (~> 0.7.3)
      multi_json (~> 1.0.0)
      multi_xml (~> 0.4.0)
      oa-core (= 0.3.0)
      oauth (~> 0.4.0)
      oauth2 (~> 0.5.0)
    oa-openid (0.3.0)
      oa-core (= 0.3.0)
      rack-openid (~> 1.3.1)
      ruby-openid-apps-discovery (~> 1.2.0)
    oauth (0.4.5)
    oauth2 (0.5.1)
      faraday (~> 0.7.4)
      multi_json (~> 1.0.3)
    omniauth (0.3.0)
      oa-basic (= 0.3.0)
      oa-core (= 0.3.0)
      oa-enterprise (= 0.3.0)
      oa-more (= 0.3.0)
      oa-oauth (= 0.3.0)
      oa-openid (= 0.3.0)
    packet (0.1.15)
    paperclip (2.3.5)
      activerecord
      activesupport
    pdf-writer (1.1.8)
      color (>= 1.4.0)
      transaction-simple (~> 1.3)
    pickle (0.4.7)
      cucumber (>= 0.8)
      rake
    polyglot (0.3.1)
    pony (1.1)
      mail (> 2.0)
    pyu-ruby-sasl (0.0.3.3)
    rack (1.1.2)
    rack-openid (1.3.1)
      rack (>= 1.1.0)
      ruby-openid (>= 2.1.8)
    rack-rewrite (1.1.0)
    rack-test (0.5.6)
      rack (>= 1.0)
    rails (2.3.11)
      actionmailer (= 2.3.11)
      actionpack (= 2.3.11)
      activerecord (= 2.3.11)
      activeresource (= 2.3.11)
      activesupport (= 2.3.11)
      rake (>= 0.8.3)
    rake (0.8.7)
    rest-client (1.6.7)
      mime-types (>= 1.16)
    riddle (1.3.3)
    rmagick (2.12.2)
    rspec (1.3.2)
    rspec-rails (1.3.4)
      rack (>= 1.0.0)
      rspec (~> 1.3.1)
    ruby-debug (0.10.4)
      columnize (>= 0.1)
      ruby-debug-base (~> 0.10.4.0)
    ruby-debug-base (0.10.4)
      linecache (>= 0.3)
    ruby-openid (2.1.8)
    ruby-openid-apps-discovery (1.2.0)
      ruby-openid (>= 2.1.7)
    ruby-recaptcha (1.0.2)
    rubyforge (2.0.4)
      json_pure (>= 1.1.7)
    rubyntlm (0.1.1)
    rubyzip (0.9.4)
    searchlogic (2.4.27)
      activerecord (>= 2.0.0)
    selenium-webdriver (0.1.0)
      childprocess (= 0.1.4)
      ffi (~> 0.6.3)
      json_pure
      rubyzip
    shoulda (2.11.3)
    simple-rss (1.2.3)
    spork (0.8.5)
    systemu (2.2.0)
    term-ansicolor (1.0.5)
    thinking-sphinx (1.4.6)
      activerecord (>= 1.15.6, < 3.0.0)
      after_commit (>= 1.0.7)
      riddle (>= 1.3.3)
    thor (0.14.6)
    timecop (0.3.5)
    transaction-simple (1.4.0)
      hoe (>= 1.1.7)
    treetop (1.4.9)
      polyglot (>= 0.3.1)
    uuid (2.3.4)
      macaddr (~> 1.0)
    validation_reflection (0.3.8)
    watchr (0.7)
    whenever (0.7.0)
      activesupport (>= 2.3.4)
      chronic (~> 0.6.3)
    will_paginate (2.3.15)
    xml-simple (1.0.12)
    youtube-g (0.5.0)

PLATFORMS
  ruby

DEPENDENCIES
  RedCloth
  activemerchant
  awesome_nested_set
  aws-s3
  calendar_date_select
  capistrano
  capistrano-ext
  capybara (< 0.4)
  chronic
  color-tools
  completeness-fu (= 0.5.2)
  cucumber-rails (>= 0.3.2)
  daemons (= 1.0.10)
  database_cleaner (>= 0.5.2)
  email_spec (< 1.0)
  factory_girl
  faker
  fakeweb
  fastercsv
  feed-normalizer
  flickraw
  formtastic (< 2)
  guard-rspec
  hpricot
  launchy
  mail
  mysql
  nokogiri
  omniauth (~> 0.3.0)
  packet
  paperclip
  pdf-writer
  pickle
  pony
  rack
  rack-rewrite
  rails (= 2.3.11)
  rmagick (= 2.12.2)
  rspec-rails (< 2.0)
  ruby-debug
  ruby-recaptcha
  searchlogic
  shoulda
  simple-rss
  spork (~> 0.8)
  thinking-sphinx
  timecop
  transaction-simple
  validation_reflection (< 1)
  watchr
  whenever (~> 0.7.0)
  will_paginate
  xml-simple
  youtube-g
